GIT
  remote: git://github.com/intridea/omniauth-github.git
  revision: d6e44c435ded9c99796ad635a793ec6b8a508c68
  specs:
    omniauth-github (1.0.1)
      omniauth (~> 1.0)
      omniauth-oauth2 (~> 1.0)

GEM
  remote: https://rubygems.org/
  specs:
    actionmailer (3.2.0)
      actionpack (= 3.2.0)
      mail (~> 2.4.0)
    actionpack (3.2.0)
      activemodel (= 3.2.0)
      activesupport (= 3.2.0)
      builder (~> 3.0.0)
      erubis (~> 2.7.0)
      journey (~> 1.0.0)
      rack (~> 1.4.0)
      rack-cache (~> 1.1)
      rack-test (~> 0.6.1)
      sprockets (~> 2.1.2)
    activemodel (3.2.0)
      activesupport (= 3.2.0)
      builder (~> 3.0.0)
    activerecord (3.2.0)
      activemodel (= 3.2.0)
      activesupport (= 3.2.0)
      arel (~> 3.0.0)
      tzinfo (~> 0.3.29)
    activeresource (3.2.0)
      activemodel (= 3.2.0)
      activesupport (= 3.2.0)
    activesupport (3.2.0)
      i18n (~> 0.6)
      multi_json (~> 1.0)
    addressable (2.2.6)
    airbrake (3.0.9)
      activesupport
      builder
    arel (3.0.0)
    builder (3.0.0)
    coffee-rails (3.2.1)
      coffee-script (>= 2.2.0)
      railties (~> 3.2.0.beta)
    coffee-script (2.2.0)
      coffee-script-source
      execjs
    coffee-script-source (1.2.0)
    commonjs (0.2.0)
      therubyracer (~> 0.9.9)
    daemons (1.1.6)
    database_cleaner (0.7.1)
    diff-lcs (1.1.3)
    erubis (2.7.0)
    eventmachine (0.12.10)
    execjs (1.3.0)
      multi_json (~> 1.0)
    factory_girl (2.5.0)
      activesupport
    factory_girl_rails (1.6.0)
      factory_girl (~> 2.5.0)
      railties (>= 3.0.0)
    faker (1.0.1)
      i18n (~> 0.4)
    faraday (0.7.6)
      addressable (~> 2.2)
      multipart-post (~> 1.1)
      rack (~> 1.1)
    ffi (1.0.11)
    guard (1.0.0)
      ffi (>= 0.5.0)
      thor (~> 0.14.6)
    guard-rspec (0.6.0)
      guard (>= 0.10.0)
    haml (3.1.4)
    hashie (1.2.0)
    heroku (2.18.1)
      launchy (>= 0.3.2)
      rest-client (~> 1.6.1)
      rubyzip
      term-ansicolor (~> 1.0.5)
    hike (1.2.1)
    i18n (0.6.0)
    journey (1.0.0)
    jquery-rails (2.0.0)
      railties (>= 3.2.0.beta, < 5.0)
      thor (~> 0.14)
    json (1.6.5)
    launchy (2.0.5)
      addressable (~> 2.2.6)
    less (2.0.9)
      commonjs (~> 0.2.0)
      therubyracer (~> 0.9.9)
    less-rails (2.1.3)
      actionpack (>= 3.1)
      less (~> 2.0.7)
    libv8 (3.3.10.4)
    mail (2.4.1)
      i18n (>= 0.4.0)
      mime-types (~> 1.16)
      treetop (~> 1.4.8)
    mime-types (1.17.2)
    multi_json (1.0.4)
    multipart-post (1.1.4)
    oauth2 (0.5.2)
      faraday (~> 0.7)
      multi_json (~> 1.0)
    omniauth (1.0.2)
      hashie (~> 1.2)
      rack
    omniauth-oauth2 (1.0.0)
      oauth2 (~> 0.5.0)
      omniauth (~> 1.0)
    pg (0.12.2)
    polyglot (0.3.3)
    rack (1.4.1)
    rack-cache (1.1)
      rack (>= 0.4)
    rack-ssl (1.3.2)
      rack
    rack-test (0.6.1)
      rack (>= 1.0)
    rails (3.2.0)
      actionmailer (= 3.2.0)
      actionpack (= 3.2.0)
      activerecord (= 3.2.0)
      activeresource (= 3.2.0)
      activesupport (= 3.2.0)
      bundler (~> 1.0)
      railties (= 3.2.0)
    railties (3.2.0)
      actionpack (= 3.2.0)
      activesupport (= 3.2.0)
      rack-ssl (~> 1.3.2)
      rake (>= 0.8.7)
      rdoc (~> 3.4)
      thor (~> 0.14.6)
    rake (0.9.2.2)
    rdoc (3.12)
      json (~> 1.4)
    rest-client (1.6.7)
      mime-types (>= 1.16)
    rspec (2.8.0)
      rspec-core (~> 2.8.0)
      rspec-expectations (~> 2.8.0)
      rspec-mocks (~> 2.8.0)
    rspec-core (2.8.0)
    rspec-expectations (2.8.0)
      diff-lcs (~> 1.1.2)
    rspec-mocks (2.8.0)
    rspec-rails (2.8.1)
      actionpack (>= 3.0)
      activesupport (>= 3.0)
      railties (>= 3.0)
      rspec (~> 2.8.0)
    rubyzip (0.9.5)
    sass (3.1.12)
    sass-rails (3.2.3)
      railties (~> 3.2.0.beta)
      sass (>= 3.1.10)
      tilt (~> 1.3)
    simple_form (1.5.2)
      actionpack (~> 3.0)
      activemodel (~> 3.0)
    sprockets (2.1.2)
      hike (~> 1.2)
      rack (~> 1.0)
      tilt (~> 1.1, != 1.3.0)
    sqlite3 (1.3.5)
    state_machine (1.1.2)
    term-ansicolor (1.0.7)
    therubyracer (0.9.9)
      libv8 (~> 3.3.10)
    thin (1.3.1)
      daemons (>= 1.0.9)
      eventmachine (>= 0.12.6)
      rack (>= 1.0.0)
    thor (0.14.6)
    tilt (1.3.3)
    treetop (1.4.10)
      polyglot
      polyglot (>= 0.3.1)
    twitter-bootstrap-rails (1.4.3)
      actionpack
      jquery-rails (>= 1.0)
      less-rails (~> 2.1.0)
      railties
    tzinfo (0.3.31)
    uglifier (1.2.2)
      execjs (>= 0.3.0)
      multi_json (>= 1.0.2)

PLATFORMS
  ruby

DEPENDENCIES
  airbrake
  coffee-rails (~> 3.2.1)
  database_cleaner
  factory_girl_rails
  faker
  guard-rspec
  haml
  heroku
  jquery-rails
  omniauth-github!
  pg
  rails (= 3.2.0)
  rspec-rails
  sass-rails (~> 3.2.3)
  simple_form
  sqlite3
  state_machine
  therubyracer
  thin
  twitter-bootstrap-rails
  uglifier (>= 1.0.3)
